PATH
  remote: .
  specs:
    link-checker (0.7.2)
      anemone (~> 0.7.2)
      colorize (~> 0.8.1)
      nokogiri (~> 1.11)
      trollop (~> 2.9)

GEM
  remote: http://rubygems.org/
  specs:
    anemone (0.7.2)
      nokogiri (>= 1.3.0)
      robotex (>= 1.0.0)
    colorize (0.8.1)
    concurrent-ruby (1.1.8)
    i18n (1.8.10)
      concurrent-ruby (~> 1.0)
    mini_portile2 (2.5.0)
    nokogiri (1.11.2)
      mini_portile2 (~> 2.5.0)
      racc (~> 1.4)
    paint (2.2.1)
    racc (1.5.2)
    robotex (1.0.0)
    strong_versions (0.4.5)
      i18n (>= 0.5)
      paint (~> 2.0)
    trollop (2.9.10)

PLATFORMS
  ruby

DEPENDENCIES
  link-checker!
  strong_versions (~> 0.4.5)

BUNDLED WITH
   2.1.4
